GIT
  remote: https://github.com/secryst/onnxruntime.git
  revision: f3f727437d9f50fec4118a52353d56dd7890c4c7
  specs:
    onnxruntime (0.5.1)
      ffi

PATH
  remote: .
  specs:
    secryst (0.1.0)
      onnxruntime (~> 0.5)
      rubyzip (~> 2.3)
      thor (~> 1.0)
      torch-rb (~> 0.5)
    secryst-trainer (0.1.0)
      numo (~> 0.1)
      numo-linalg (~> 0.1)
      rubyzip (~> 2.3)
      secryst (= 0.1.0)
      thor (~> 1.0)
      torch-rb (~> 0.5)

GEM
  remote: https://rubygems.org/
  specs:
    diff-lcs (1.4.4)
    ffi (1.14.2)
    numo (0.1.1)
      numo-fftw (~> 0.1.1)
      numo-gnuplot (~> 0.2.4)
      numo-gsl (~> 0.1.1)
      numo-linalg (~> 0.1.0)
      numo-narray (~> 0.9.1)
    numo-fftw (0.1.1)
      numo-narray (~> 0.9.0)
    numo-gnuplot (0.2.4)
    numo-gsl (0.1.2)
      numo-narray (>= 0.9.0.8)
    numo-linalg (0.1.5)
      numo-narray (>= 0.9.1.4)
    numo-narray (0.9.1.8)
    rake (13.0.1)
    rice (2.2.0)
    rspec (3.9.0)
      rspec-core (~> 3.9.0)
      rspec-expectations (~> 3.9.0)
      rspec-mocks (~> 3.9.0)
    rspec-core (3.9.3)
      rspec-support (~> 3.9.3)
    rspec-expectations (3.9.2)
      diff-lcs (>= 1.2.0, < 2.0)
      rspec-support (~> 3.9.0)
    rspec-mocks (3.9.1)
      diff-lcs (>= 1.2.0, < 2.0)
      rspec-support (~> 3.9.0)
    rspec-support (3.9.3)
    rubyzip (2.3.0)
    thor (1.0.1)
    torch-rb (0.5.2)
      rice (>= 2.2)

PLATFORMS
  ruby

DEPENDENCIES
  onnxruntime!
  rake
  rspec
  secryst-trainer!

BUNDLED WITH
   2.1.4
