PATH
  remote: .
  specs:
    secryst (0.0.1)
      torch-rb (>= 0.4.0)
    secryst-trainer (0.0.1)
      numo (>= 0.1.1)
      numo-linalg (>= 0.1.5)
      torch-rb (>= 0.4.0)

GEM
  remote: https://rubygems.org/
  specs:
    numo (0.1.1)
      numo-fftw (~> 0.1.1)
      numo-gnuplot (~> 0.2.4)
      numo-gsl (~> 0.1.1)
      numo-linalg (~> 0.1.0)
      numo-narray (~> 0.9.1)
    numo-fftw (0.1.1)
      numo-narray (~> 0.9.0)
    numo-gnuplot (0.2.4)
    numo-gsl (0.1.2)
      numo-narray (>= 0.9.0.8)
    numo-linalg (0.1.5)
      numo-narray (>= 0.9.1.4)
    numo-narray (0.9.1.8)
    rice (2.2.0)
    torch-rb (0.4.0)
      rice (>= 2.2)

PLATFORMS
  ruby

DEPENDENCIES
  secryst!
  secryst-trainer!

BUNDLED WITH
   2.1.4
