GIT
  remote: https://github.com/ankane/torch.rb.git
  revision: b9d8818b2312cc788fd1d724b268ce418f59f577
  specs:
    torch-rb (0.3.5)
      rice (>= 2.2)

GEM
  remote: https://rubygems.org/
  specs:
    byebug (11.1.3)
    chunky_png (1.3.12)
    concurrent-ruby (1.1.7)
    deep_merge (1.2.1)
    ffi (1.13.1)
    jpeg (0.7.1)
    narray (0.6.1.2)
    narray_ffi (1.4.4)
      ffi (~> 1.9, >= 1.9.3)
      narray (~> 0.6, >= 0.6.0.8)
    numo (0.1.1)
      numo-fftw (~> 0.1.1)
      numo-gnuplot (~> 0.2.4)
      numo-gsl (~> 0.1.1)
      numo-linalg (~> 0.1.0)
      numo-narray (~> 0.9.1)
    numo-fftw (0.1.1)
      numo-narray (~> 0.9.0)
    numo-gnuplot (0.2.4)
    numo-gsl (0.1.2)
      numo-narray (>= 0.9.0.8)
    numo-linalg (0.1.5)
      numo-narray (>= 0.9.1.4)
    numo-narray (0.9.1.8)
    opencl_ruby_ffi (1.3.7)
      ffi (~> 1.9, >= 1.9.3)
      narray (~> 0.6, >= 0.6.0.8)
      narray_ffi (~> 1.0, >= 1.0.0)
    rice (2.2.0)
    tensor_stream (1.0.8)
      chunky_png
      concurrent-ruby
      deep_merge
      jpeg
    tensor_stream-opencl (0.1.3)
      opencl_ruby_ffi
      tensor_stream
    torchtext (0.1.0)
      torch-rb (>= 0.3.2)

PLATFORMS
  ruby

DEPENDENCIES
  byebug
  numo
  tensor_stream
  tensor_stream-opencl
  torch-rb!
  torchtext

BUNDLED WITH
   2.1.2
