GIT
  remote: https://github.com/ankane/torch.rb.git
  revision: c7a805e46471842a962671604ede0cfb82e290cc
  specs:
    torch-rb (0.3.7)
      rice (>= 2.2)

GEM
  remote: https://rubygems.org/
  specs:
    byebug (11.1.3)
    numo (0.1.1)
      numo-fftw (~> 0.1.1)
      numo-gnuplot (~> 0.2.4)
      numo-gsl (~> 0.1.1)
      numo-linalg (~> 0.1.0)
      numo-narray (~> 0.9.1)
    numo-fftw (0.1.1)
      numo-narray (~> 0.9.0)
    numo-gnuplot (0.2.4)
    numo-gsl (0.1.2)
      numo-narray (>= 0.9.0.8)
    numo-linalg (0.1.5)
      numo-narray (>= 0.9.1.4)
    numo-narray (0.9.1.8)
    rice (2.2.0)
    torchtext (0.1.0)
      torch-rb (>= 0.3.2)

PLATFORMS
  ruby

DEPENDENCIES
  byebug
  numo
  numo-linalg
  torch-rb!
  torchtext

BUNDLED WITH
   2.1.4
